PATH
  remote: .
  specs:
    dpkg-s3 (0.1.0)
      aws-sdk-s3 (~> 1.64)
      thor (~> 1.0.1)

GEM
  remote: https://rubygems.org/
  specs:
    aws-eventstream (1.1.0)
    aws-partitions (1.316.0)
    aws-sdk-core (3.96.0)
      aws-eventstream (~> 1, >= 1.0.2)
      aws-partitions (~> 1, >= 1.239.0)
      aws-sigv4 (~> 1.1)
      jmespath (~> 1.0)
    aws-sdk-kms (1.31.0)
      aws-sdk-core (~> 3, >= 3.71.0)
      aws-sigv4 (~> 1.1)
    aws-sdk-s3 (1.64.0)
      aws-sdk-core (~> 3, >= 3.83.0)
      aws-sdk-kms (~> 1)
      aws-sigv4 (~> 1.1)
    aws-sigv4 (1.1.3)
      aws-eventstream (~> 1.0, >= 1.0.2)
    jmespath (1.4.0)
    minitest (5.14.1)
    rake (13.0.1)
    thor (1.0.1)

PLATFORMS
  ruby

DEPENDENCIES
  dpkg-s3!
  minitest (~> 5.8)
  rake (~> 13)

BUNDLED WITH
   2.1.2
