PATH
  remote: .
  specs:
    dpkg-s3 (0.11.0)
      aws-sdk (~> 2)
      thor (~> 0.19.0)

GEM
  remote: https://rubygems.org/
  specs:
    aws-sdk (2.7.12)
      aws-sdk-resources (= 2.7.12)
    aws-sdk-core (2.7.12)
      aws-sigv4 (~> 1.0)
      jmespath (~> 1.0)
    aws-sdk-resources (2.7.12)
      aws-sdk-core (= 2.7.12)
    aws-sigv4 (1.0.0)
    jmespath (1.3.1)
    minitest (5.0.8)
    rake (11.1.2)
    thor (0.19.4)

PLATFORMS
  ruby

DEPENDENCIES
  dpkg-s3!
  minitest (~> 5)
  rake (~> 11)

BUNDLED WITH
   1.15.4
