PATH
  remote: .
  specs:
    dpkg-s3 (0.1.0)
      aws-sdk (~> 2)
      thor (~> 0.19.0)

GEM
  remote: https://rubygems.org/
  specs:
    aws-eventstream (1.1.0)
    aws-sdk (2.11.509)
      aws-sdk-resources (= 2.11.509)
    aws-sdk-core (2.11.509)
      aws-sigv4 (~> 1.0)
      jmespath (~> 1.0)
    aws-sdk-resources (2.11.509)
      aws-sdk-core (= 2.11.509)
    aws-sigv4 (1.1.3)
      aws-eventstream (~> 1.0, >= 1.0.2)
    jmespath (1.4.0)
    minitest (5.0.8)
    rake (11.1.2)
    thor (0.19.4)

PLATFORMS
  ruby

DEPENDENCIES
  dpkg-s3!
  minitest (~> 5)
  rake (~> 11)

BUNDLED WITH
   2.1.2
